GEM
  remote: https://rubygems.org/
  specs:
    csv (3.0.0)
    httparty (0.16.2)
      multi_xml (>= 0.5.2)
    multi_xml (0.6.0)

PLATFORMS
  ruby

DEPENDENCIES
  csv
  httparty

BUNDLED WITH
   1.16.3
